GEM
  remote: http://rubygems.org/
  specs:
    activemodel (3.0.0.rc)
      activesupport (= 3.0.0.rc)
      builder (~> 2.1.2)
      i18n (~> 0.4.1)
    activerecord (3.0.0.rc)
      activemodel (= 3.0.0.rc)
      activesupport (= 3.0.0.rc)
      arel (~> 0.4.0)
      tzinfo (~> 0.3.22)
    activesupport (3.0.0.rc)
    archive-tar-minitar (0.5.2)
    arel (0.4.0)
      activesupport (>= 3.0.0.beta)
    builder (2.1.2)
    columnize (0.3.1)
    i18n (0.4.1)
    linecache19 (0.5.11)
      ruby_core_source (>= 0.1.4)
    ruby-debug-base19 (0.11.23)
      columnize (>= 0.3.1)
      linecache19 (>= 0.5.11)
      ruby_core_source (>= 0.1.4)
    ruby-debug19 (0.11.6)
      columnize (>= 0.3.1)
      linecache19 (>= 0.5.11)
      ruby-debug-base19 (>= 0.11.19)
    ruby_core_source (0.1.4)
      archive-tar-minitar (>= 0.5.2)
    tzinfo (0.3.22)

PLATFORMS
  ruby

DEPENDENCIES
  activerecord (= 3.0.0.rc)
  ruby-debug19
